PATH
  remote: .
  specs:
    kalculator (0.6.4)
      rltk (~> 3.0)

GEM
  remote: https://rubygems.org/
  specs:
    benchmark-ips (2.7.2)
    colorize (0.8.1)
    diff-lcs (1.3)
    ffi (1.9.25)
    filigree (0.4.1)
    rake (10.5.0)
    rltk (3.0.1)
      ffi (>= 1.0.0)
      filigree (>= 0.2.0)
    rspec (3.7.0)
      rspec-core (~> 3.7.0)
      rspec-expectations (~> 3.7.0)
      rspec-mocks (~> 3.7.0)
    rspec-core (3.7.1)
      rspec-support (~> 3.7.0)
    rspec-expectations (3.7.0)
      diff-lcs (>= 1.2.0, < 2.0)
      rspec-support (~> 3.7.0)
    rspec-mocks (3.7.0)
      diff-lcs (>= 1.2.0, < 2.0)
      rspec-support (~> 3.7.0)
    rspec-support (3.7.1)

PLATFORMS
  ruby

DEPENDENCIES
  benchmark-ips (~> 2.7)
  bundler (~> 1.16)
  colorize
  kalculator!
  rake (~> 10.0)
  rspec (~> 3.0)

BUNDLED WITH
   1.17.3
